{
  "Modality": "MR",
  "MagneticFieldStrength": 3,
  "Manufacturer": "Siemens",
  "ManufacturersModelName": "Prisma_fit",
  "InstitutionName": "NeuroSpin",
  "InstitutionalDepartmentName": "Department",
  "InstitutionAddress": "Street_N306_SACLAY_IdF_FR_91400",
  "DeviceSerialNumber": "67069",
  "StationName": "MRCTRIO",
  "BodyPartExamined": "HEAD",
  "PatientPosition": "HFS",
  "ProcedureStepDescription": "Protocoles_Le_Petit_Prince",
  "SoftwareVersions": "syngo_MR_E11",
  "MRAcquisitionType": "2D",
  "SeriesDescription": "SMS1_epi3.75mm_3echos_PF7_8_378rep_Echo_1",
  "ProtocolName": "SMS1_epi3.75mm_3echos_PF7_8_378rep",
  "ScanningSequence": "EP",
  "SequenceVariant": "SK_SP",
  "ScanOptions": "PFP_FS",
  "SequenceName": "DG-v_Feb_16_2017",
  "ImageType": [
    "ORIGINAL",
    "PRIMARY",
    "M",
    "ND",
    "ECHO",
    "01",
    "COMBINED",
    "MOSAIC"
  ],
  "SeriesNumber": 8,
  "AcquisitionTime": "15:49:9.415000",
  "AcquisitionNumber": 1,
  "ImageComments": "E01_Com",
  "SliceThickness": 3.8,
  "SpacingBetweenSlices": 3.8,
  "SAR": 0.0679071,
  "EchoNumber": 2,
  "EchoTime": 0.02446,
  "RepetitionTime": 2,
  "FlipAngle": 77,
  "PartialFourier": 0.875,
  "BaseResolution": 64,
  "ShimSetting": [
    -653,
    2285,
    -694,
    723,
    -7,
    -131,
    257,
    -28
  ],
  "TxRefAmp": 207.477,
  "PhaseResolution": 1,
  "ReceiveCoilName": "HeadNeck_64",
  "ReceiveCoilActiveElements": "HC1-7",
  "PulseSequenceDetails": "%CustomerSeq%_ep2d_bold_1055",
  "ConsistencyInfo": "N4_VE11C_LATEST_20160120",
  "PercentPhaseFOV": 100,
  "EchoTrainLength": 27,
  "PhaseEncodingSteps": 55,
  "AcquisitionMatrixPE": 64,
  "ReconMatrixPE": 64,
  "BandwidthPerPixelPhaseEncode": 63.776,
  "ParallelReductionFactorInPlane": 2,
  "EffectiveEchoSpacing": 0.000244998,
  "DerivedVendorReportedEchoSpacing": 0.000489996,
  "TotalReadoutTime": 0.0154349,
  "PixelBandwidth": 2440,
  "DwellTime": 3.2e-06,
  "PhaseEncodingDirection": "j-",
  "SliceTiming": [
    0.99,
    0,
    1.05,
    0.06,
    1.1075,
    0.1175,
    1.165,
    0.175,
    1.225,
    0.235,
    1.2825,
    0.2925,
    1.34,
    0.35,
    1.3975,
    0.4075,
    1.4575,
    0.4675,
    1.515,
    0.525,
    1.5725,
    0.5825,
    1.6325,
    0.6425,
    1.69,
    0.7,
    1.7475,
    0.7575,
    1.805,
    0.8175,
    1.865,
    0.875,
    1.9225,
    0.9325
  ],
  "ImageOrientationPatientDICOM": [
    1,
    0,
    0,
    0,
    0.989776,
    0.142629
  ],
  "InPlanePhaseEncodingDirectionDICOM": "COL",
  "ConversionSoftware": "dcm2niix",
  "ConversionSoftwareVersion": "v1.0.20180622 GCC5.3.1",
  "TaskName": "lppFR"
}
